PATH
  remote: ../..
  specs:
    opal (1.0.0)
      ast (>= 2.3.0)
      parser (~> 2.6)

GEM
  remote: https://rubygems.org/
  specs:
    ast (2.4.0)
    parser (2.6.4.1)
      ast (~> 2.4.0)
    rack (2.0.7)

PLATFORMS
  ruby

DEPENDENCIES
  opal!
  rack

BUNDLED WITH
   1.17.3
